GEM
  remote: https://rubygems.org/
  specs:
    pdf-core (0.7.0)
    pkg-config (1.5.5)
    prawn (2.2.2)
      pdf-core (~> 0.7.0)
      ttfunk (~> 1.5)
    rmagick (5.3.0)
      pkg-config (~> 1.4)
    ttfunk (1.6.2.1)

PLATFORMS
  ruby

DEPENDENCIES
  prawn
  rmagick

BUNDLED WITH
   2.1.4
